PATH
  remote: .
  specs:
    test-project (1.0.0)
      rack (~> 1.1)

GEM
  remote: https://rubygems.org/
  specs:
    diff-lcs (1.3)
    rack (1.6.10)
    rspec (3.7.0)
      rspec-core (~> 3.7.0)
      rspec-expectations (~> 3.7.0)
      rspec-mocks (~> 3.7.0)
    rspec-core (3.7.1)
      rspec-support (~> 3.7.0)
    rspec-expectations (3.7.0)
      diff-lcs (>= 1.2.0, < 2.0)
      rspec-support (~> 3.7.0)
    rspec-mocks (3.7.0)
      diff-lcs (>= 1.2.0, < 2.0)
      rspec-support (~> 3.7.0)
    rspec-support (3.7.1)

PLATFORMS
  ruby

DEPENDENCIES
  rspec
  test-project!

BUNDLED WITH
   1.16.1
